PATH
  remote: .
  specs:
    howl (0.5.0)
      haml
      hashie
      mustache
      rdiscount

GEM
  remote: http://rubygems.org/
  specs:
    haml (3.0.17)
    hashie (0.4.0)
    mustache (0.11.2)
    nokogiri (1.4.3.1)
    rdiscount (1.6.5)
    riot (0.11.4)
      rr
      term-ansicolor
    rr (1.0.0)
    term-ansicolor (1.0.5)

PLATFORMS
  ruby

DEPENDENCIES
  haml
  hashie
  howl!
  mustache
  nokogiri
  rdiscount
  riot (>= 0.11)
