PATH
  remote: .
  specs:
    howl (0.3.0)
      hashie
      mustache
      rdiscount

GEM
  remote: http://rubygems.org/
  specs:
    hashie (0.4.0)
    mustache (0.11.2)
    rdiscount (1.6.5)
    riot (0.11.4)
      rr
      term-ansicolor
    rr (1.0.0)
    term-ansicolor (1.0.5)

PLATFORMS
  ruby

DEPENDENCIES
  hashie
  howl!
  mustache
  rdiscount
  riot (>= 0.11)
